GEM
  remote: https://rubygems.org/
  remote: http://sul-gems-prod.stanford.edu/
  specs:
    activesupport (3.2.18)
      i18n (~> 0.6, >= 0.6.4)
      multi_json (~> 1.0)
    awesome_print (1.2.0)
    blue-daemons (1.1.11)
    bluepill (0.0.67)
      activesupport (>= 3, < 4.1)
      blue-daemons (~> 1.1.11)
      i18n (~> 0.5)
      state_machine (~> 1.1)
    capistrano (3.2.1)
      i18n
      rake (>= 10.0.0)
      sshkit (~> 1.3)
    capistrano-bundler (1.1.2)
      capistrano (~> 3.0)
      sshkit (~> 1.2)
    coderay (1.1.0)
    confstruct (0.2.7)
    diff-lcs (1.2.5)
    docile (1.1.3)
    dor-workflow-service (1.6.3)
      activesupport (~> 3.2)
      confstruct (~> 0.2.7)
      nokogiri (~> 1.6.0)
      rest-client (~> 1.6.7)
    equivalent-xml (0.3.0)
      nokogiri (>= 1.4.3)
    i18n (0.6.9)
    json (1.8.1)
    method_source (0.8.2)
    mime-types (2.2)
    mini_portile (0.6.0)
    mock_redis (0.12.1)
    mono_logger (1.1.0)
    multi_json (1.10.0)
    net-scp (1.2.1)
      net-ssh (>= 2.6.5)
    net-ssh (2.9.1)
    nokogiri (1.6.2.1)
      mini_portile (= 0.6.0)
    pry (0.9.12.6)
      coderay (~> 1.0)
      method_source (~> 0.8)
      slop (~> 3.4)
    rack (1.5.2)
    rack-protection (1.5.3)
      rack
    rake (10.3.2)
    rdoc (4.1.1)
      json (~> 1.4)
    redcarpet (3.1.2)
    redis (3.0.7)
    redis-namespace (1.4.1)
      redis (~> 3.0.4)
    resque (1.25.2)
      mono_logger (~> 1.0)
      multi_json (~> 1.0)
      redis-namespace (~> 1.3)
      sinatra (>= 0.9.2)
      vegas (~> 0.1.2)
    rest-client (1.6.7)
      mime-types (>= 1.16)
    robot-controller (0.3.0)
      bluepill (~> 0.0.67)
    rspec (2.14.1)
      rspec-core (~> 2.14.0)
      rspec-expectations (~> 2.14.0)
      rspec-mocks (~> 2.14.0)
    rspec-core (2.14.8)
    rspec-expectations (2.14.5)
      diff-lcs (>= 1.1.3, < 2.0)
    rspec-mocks (2.14.6)
    simplecov (0.8.2)
      docile (~> 1.1.0)
      multi_json
      simplecov-html (~> 0.8.0)
    simplecov-html (0.8.0)
    sinatra (1.4.5)
      rack (~> 1.4)
      rack-protection (~> 1.4)
      tilt (~> 1.3, >= 1.3.4)
    slop (3.5.0)
    sshkit (1.4.0)
      net-scp (>= 1.1.2)
      net-ssh (>= 2.8.0)
      term-ansicolor
    state_machine (1.2.0)
    term-ansicolor (1.3.0)
      tins (~> 1.0)
    tilt (1.4.1)
    tins (1.3.0)
    vegas (0.1.11)
      rack (>= 1.0.0)
    version_bumper (0.3.0)
    yard (0.8.7.4)

PLATFORMS
  ruby

DEPENDENCIES
  awesome_print (~> 1.2.0)
  capistrano (~> 3.0)
  capistrano-bundler (~> 1.1)
  dor-workflow-service (~> 1.6.2)
  equivalent-xml (~> 0.3.0)
  mock_redis (~> 0.12.0)
  nokogiri (~> 1.6.1)
  pry
  rake
  rdoc
  redcarpet
  resque (~> 1.25.2)
  robot-controller (~> 0.3.0)
  rspec
  simplecov
  version_bumper
  yard
